GEM
  remote: https://rubygems.org/
  specs:
    asciidoctor (1.5.2)
    colorator (0.1)
    ffi (1.9.10)
    jekyll (3.0.0)
      colorator (~> 0.1)
      jekyll-sass-converter (~> 1.0)
      jekyll-watch (~> 1.1)
      kramdown (~> 1.3)
      liquid (~> 3.0)
      mercenary (~> 0.3.3)
      rouge (~> 1.7)
      safe_yaml (~> 1.0)
    jekyll-asciidoc (1.0.0)
      asciidoctor (>= 0.1.4)
    jekyll-sass-converter (1.3.0)
      sass (~> 3.2)
    jekyll-watch (1.3.0)
      listen (~> 3.0)
    kramdown (1.9.0)
    liquid (3.0.6)
    listen (3.0.3)
      rb-fsevent (>= 0.9.3)
      rb-inotify (>= 0.9)
    mercenary (0.3.5)
    posix-spawn (0.3.9)
    pygments.rb (0.6.0)
      posix-spawn (~> 0.3.6)
      yajl-ruby (~> 1.1.0)
    rb-fsevent (0.9.6)
    rb-inotify (0.9.5)
      ffi (>= 0.5.0)
    redcarpet (3.2.2)
    rmagick (2.15.4)
    rouge (1.10.1)
    safe_yaml (1.0.4)
    sass (3.4.19)
    yajl-ruby (1.1.0)

PLATFORMS
  ruby

DEPENDENCIES
  asciidoctor
  jekyll
  jekyll-asciidoc
  jekyll-watch
  pygments.rb
  redcarpet
  rmagick
